RESTRICTION: || (== net6.0) (== net7.0) (== net8.0) (== netstandard2.0) (== netstandard2.1)
NUGET
  remote: https://api.nuget.org/v3/index.json
    FSharp.Core (6.0.7)
    FsUnit (7.0.1)
      FSharp.Core (>= 5.0.2)
      NUnit (>= 4.0.1)
    Microsoft.ApplicationInsights (2.23) - restriction: || (== net6.0) (== net7.0) (== net8.0) (&& (== netstandard2.0) (>= net462)) (&& (== netstandard2.0) (>= netcoreapp3.1)) (&& (== netstandard2.1) (>= net462)) (&& (== netstandard2.1) (>= netcoreapp3.1))
      System.Diagnostics.DiagnosticSource (>= 5.0)
    Microsoft.CodeCoverage (17.13) - restriction: || (== net6.0) (== net7.0) (== net8.0) (&& (== netstandard2.0) (>= net462)) (&& (== netstandard2.0) (>= netcoreapp3.1)) (&& (== netstandard2.1) (>= net462)) (&& (== netstandard2.1) (>= netcoreapp3.1))
    Microsoft.NET.Test.Sdk (17.13)
      Microsoft.CodeCoverage (>= 17.13) - restriction: || (== net6.0) (== net7.0) (== net8.0) (&& (== netstandard2.0) (>= net462)) (&& (== netstandard2.0) (>= netcoreapp3.1)) (&& (== netstandard2.1) (>= net462)) (&& (== netstandard2.1) (>= netcoreapp3.1))
      Microsoft.TestPlatform.TestHost (>= 17.13) - restriction: || (== net6.0) (== net7.0) (== net8.0) (&& (== netstandard2.0) (>= netcoreapp3.1)) (&& (== netstandard2.1) (>= netcoreapp3.1))
    Microsoft.Testing.Extensions.Telemetry (1.6.3) - restriction: || (== net6.0) (== net7.0) (== net8.0) (&& (== netstandard2.0) (>= net462)) (&& (== netstandard2.0) (>= netcoreapp3.1)) (&& (== netstandard2.1) (>= net462)) (&& (== netstandard2.1) (>= netcoreapp3.1))
      Microsoft.ApplicationInsights (>= 2.22)
      Microsoft.Testing.Platform (>= 1.6.3)
    Microsoft.Testing.Extensions.TrxReport.Abstractions (1.6.3) - restriction: || (== net6.0) (== net7.0) (== net8.0) (&& (== netstandard2.0) (>= net462)) (&& (== netstandard2.0) (>= netcoreapp3.1)) (&& (== netstandard2.1) (>= net462)) (&& (== netstandard2.1) (>= netcoreapp3.1))
      Microsoft.Testing.Platform (>= 1.6.3)
    Microsoft.Testing.Extensions.VSTestBridge (1.6.3) - restriction: || (== net6.0) (== net7.0) (== net8.0) (&& (== netstandard2.0) (>= net462)) (&& (== netstandard2.0) (>= netcoreapp3.1)) (&& (== netstandard2.1) (>= net462)) (&& (== netstandard2.1) (>= netcoreapp3.1))
      Microsoft.Testing.Extensions.Telemetry (>= 1.6.3)
      Microsoft.Testing.Extensions.TrxReport.Abstractions (>= 1.6.3)
      Microsoft.Testing.Platform (>= 1.6.3)
      Microsoft.TestPlatform.ObjectModel (>= 17.13)
    Microsoft.Testing.Platform (1.6.3) - restriction: || (== net6.0) (== net7.0) (== net8.0) (&& (== netstandard2.0) (>= net462)) (&& (== netstandard2.0) (>= netcoreapp3.1)) (&& (== netstandard2.1) (>= net462)) (&& (== netstandard2.1) (>= netcoreapp3.1))
    Microsoft.Testing.Platform.MSBuild (1.6.3) - restriction: || (== net6.0) (== net7.0) (== net8.0) (&& (== netstandard2.0) (>= net462)) (&& (== netstandard2.0) (>= netcoreapp3.1)) (&& (== netstandard2.1) (>= net462)) (&& (== netstandard2.1) (>= netcoreapp3.1))
      Microsoft.Testing.Platform (>= 1.6.3)
    Microsoft.TestPlatform.ObjectModel (17.13) - restriction: || (== net6.0) (== net7.0) (== net8.0) (&& (== netstandard2.0) (>= netcoreapp3.1)) (&& (== netstandard2.1) (>= netcoreapp3.1))
      System.Reflection.Metadata (>= 1.6)
    Microsoft.TestPlatform.TestHost (17.13) - restriction: || (== net6.0) (== net7.0) (== net8.0) (&& (== netstandard2.0) (>= netcoreapp3.1)) (&& (== netstandard2.1) (>= netcoreapp3.1))
      Microsoft.TestPlatform.ObjectModel (>= 17.13) - restriction: || (== net6.0) (== net7.0) (== net8.0) (&& (== netstandard2.0) (>= netcoreapp3.1)) (&& (== netstandard2.1) (>= netcoreapp3.1))
      Newtonsoft.Json (>= 13.0.1) - restriction: || (== net6.0) (== net7.0) (== net8.0) (&& (== netstandard2.0) (>= netcoreapp3.1)) (&& (== netstandard2.1) (>= netcoreapp3.1))
    Newtonsoft.Json (13.0.3) - restriction: || (== net6.0) (== net7.0) (== net8.0) (&& (== netstandard2.0) (>= netcoreapp3.1)) (&& (== netstandard2.1) (>= netcoreapp3.1))
    NUnit (4.3.2)
    NUnit.Analyzers (4.7)
    NUnit3TestAdapter (5.0)
      Microsoft.Testing.Extensions.VSTestBridge (>= 1.5.3) - restriction: || (== net6.0) (== net7.0) (== net8.0) (&& (== netstandard2.0) (>= net462)) (&& (== netstandard2.0) (>= netcoreapp3.1)) (&& (== netstandard2.1) (>= net462)) (&& (== netstandard2.1) (>= netcoreapp3.1))
      Microsoft.Testing.Platform.MSBuild (>= 1.5.3) - restriction: || (== net6.0) (== net7.0) (== net8.0) (&& (== netstandard2.0) (>= net462)) (&& (== netstandard2.0) (>= netcoreapp3.1)) (&& (== netstandard2.1) (>= net462)) (&& (== netstandard2.1) (>= netcoreapp3.1))
    System.Collections.Immutable (9.0.3) - restriction: || (== net6.0) (== net7.0) (== net8.0) (&& (== netstandard2.0) (>= netcoreapp3.1)) (&& (== netstandard2.1) (>= netcoreapp3.1))
      System.Memory (>= 4.5.5) - restriction: || (== net6.0) (== net7.0) (&& (== net8.0) (>= net462)) (== netstandard2.0) (== netstandard2.1)
      System.Runtime.CompilerServices.Unsafe (>= 6.0) - restriction: || (== net6.0) (== net7.0) (&& (== net8.0) (>= net462)) (== netstandard2.0) (== netstandard2.1)
    System.Diagnostics.DiagnosticSource (9.0.3) - restriction: || (== net6.0) (== net7.0) (== net8.0) (&& (== netstandard2.0) (>= net462)) (&& (== netstandard2.0) (>= netcoreapp3.1)) (&& (== netstandard2.1) (>= net462)) (&& (== netstandard2.1) (>= netcoreapp3.1))
      System.Memory (>= 4.5.5) - restriction: || (== net6.0) (== net7.0) (&& (== net8.0) (>= net462)) (== netstandard2.0) (== netstandard2.1)
      System.Runtime.CompilerServices.Unsafe (>= 6.0) - restriction: || (== net6.0) (== net7.0) (&& (== net8.0) (>= net462)) (== netstandard2.0) (== netstandard2.1)
    System.Memory (4.6.3) - restriction: || (== net6.0) (== net7.0) (&& (== net8.0) (== netstandard2.0)) (&& (== net8.0) (== netstandard2.1)) (&& (== net8.0) (>= net462)) (&& (== netstandard2.0) (>= netcoreapp3.1)) (&& (== netstandard2.1) (>= netcoreapp3.1))
    System.Reflection.Metadata (9.0.3) - restriction: || (== net6.0) (== net7.0) (== net8.0) (&& (== netstandard2.0) (>= netcoreapp3.1)) (&& (== netstandard2.1) (>= netcoreapp3.1))
      System.Collections.Immutable (>= 9.0.3)
      System.Memory (>= 4.5.5) - restriction: || (== net6.0) (== net7.0) (&& (== net8.0) (>= net462)) (== netstandard2.0) (== netstandard2.1)
    System.Runtime.CompilerServices.Unsafe (6.1.2) - restriction: || (== net6.0) (== net7.0) (&& (== net8.0) (== netstandard2.0)) (&& (== net8.0) (== netstandard2.1)) (&& (== net8.0) (>= net462)) (&& (== netstandard2.0) (>= netcoreapp3.1)) (&& (== netstandard2.1) (>= netcoreapp3.1))
